GEM
  remote: https://rubygems.org/
  specs:
    ast (2.4.0)
    docile (1.4.1)
    parallel (1.12.1)
    parser (2.5.3.0)
      ast (~> 2.4.0)
    power_assert (2.0.5)
    powerpack (0.1.2)
    rainbow (2.2.2)
      rake
    rake (12.3.2)
    rdoc (4.3.0)
    rubocop (0.50.0)
      parallel (~> 1.10)
      parser (>= 2.3.3.1, < 3.0)
      powerpack (~> 0.1)
      rainbow (>= 2.2.2, < 3.0)
      ruby-progressbar (~> 1.7)
      unicode-display_width (~> 1.0, >= 1.0.1)
    ruby-progressbar (1.10.0)
    simplecov (0.22.0)
      docile (~> 1.1)
      simplecov-html (~> 0.11)
      simplecov_json_formatter (~> 0.1)
    simplecov-html (0.13.2)
    simplecov_json_formatter (0.1.4)
    test-unit (3.7.0)
      power_assert
    unicode-display_width (1.4.1)
    yard (0.9.16)

PLATFORMS
  ruby

DEPENDENCIES
  rake (>= 12.3.2)
  rdoc (>= 4.3.0)
  rubocop (>= 0.50.0)
  simplecov (>= 0.22.0)
  test-unit (>= 3.7.0)
  yard (>= 0.9.16)

BUNDLED WITH
   2.4.22
